PATH
  remote: .
  specs:
    lumise (0.1.1)
      thor (~> 1.0)
      tty-command (~> 0.9)
      tty-file (~> 0.8)
      tty-which (~> 0.4)

GEM
  remote: https://rubygems.org/
  specs:
    ast (2.4.0)
    diff-lcs (1.3)
    equatable (0.6.1)
    jaro_winkler (1.5.4)
    necromancer (0.5.1)
    parallel (1.19.1)
    parser (2.7.1.1)
      ast (~> 2.4.0)
    pastel (0.7.3)
      equatable (~> 0.6)
      tty-color (~> 0.5)
    rainbow (3.0.0)
    rake (13.0.1)
    rexml (3.2.4)
    rspec (3.9.0)
      rspec-core (~> 3.9.0)
      rspec-expectations (~> 3.9.0)
      rspec-mocks (~> 3.9.0)
    rspec-core (3.9.1)
      rspec-support (~> 3.9.1)
    rspec-expectations (3.9.1)
      diff-lcs (>= 1.2.0, < 2.0)
      rspec-support (~> 3.9.0)
    rspec-mocks (3.9.1)
      diff-lcs (>= 1.2.0, < 2.0)
      rspec-support (~> 3.9.0)
    rspec-support (3.9.2)
    rubocop (0.82.0)
      jaro_winkler (~> 1.5.1)
      parallel (~> 1.10)
      parser (>= 2.7.0.1)
      rainbow (>= 2.2.2, < 4.0)
      rexml
      ruby-progressbar (~> 1.7)
      unicode-display_width (>= 1.4.0, < 2.0)
    rubocop-performance (1.5.2)
      rubocop (>= 0.71.0)
    rubocop-rspec (1.38.1)
      rubocop (>= 0.68.1)
    ruby-progressbar (1.10.1)
    thor (1.0.1)
    tty-color (0.5.1)
    tty-command (0.9.0)
      pastel (~> 0.7.0)
    tty-cursor (0.7.1)
    tty-file (0.8.0)
      diff-lcs (~> 1.3)
      pastel (~> 0.7.2)
      tty-prompt (~> 0.18)
    tty-prompt (0.21.0)
      necromancer (~> 0.5.0)
      pastel (~> 0.7.0)
      tty-reader (~> 0.7.0)
    tty-reader (0.7.0)
      tty-cursor (~> 0.7)
      tty-screen (~> 0.7)
      wisper (~> 2.0.0)
    tty-screen (0.7.1)
    tty-which (0.4.2)
    unicode-display_width (1.7.0)
    wisper (2.0.1)

PLATFORMS
  ruby

DEPENDENCIES
  lumise!
  rake
  rspec
  rubocop
  rubocop-performance
  rubocop-rspec

BUNDLED WITH
   2.1.4
